GEM
  remote: https://rubygems.org/
  specs:
    asciidoctor (2.0.10)
    concurrent-ruby (1.1.7)
    i18n (1.8.5)
      concurrent-ruby (~> 1.0)
    minitest (5.13.0)
    rake (13.0.1)

PLATFORMS
  ruby

DEPENDENCIES
  asciidoctor
  i18n
  minitest
  rake

BUNDLED WITH
   2.1.2
