GEM
  remote: https://rubygems.org/
  specs:
    asciidoctor (2.0.10)
    concurrent-ruby (1.1.7)
    docile (1.3.2)
    i18n (1.8.5)
      concurrent-ruby (~> 1.0)
    minitest (5.13.0)
    rake (13.0.1)
    simplecov (0.19.0)
      docile (~> 1.1)
      simplecov-html (~> 0.11)
    simplecov-html (0.12.2)

PLATFORMS
  ruby

DEPENDENCIES
  asciidoctor
  i18n
  minitest
  rake
  simplecov

BUNDLED WITH
   2.1.2
