GEM
  remote: https://rubygems.org/
  specs:
    concurrent-ruby (1.1.7)
    i18n (1.8.5)
      concurrent-ruby (~> 1.0)

PLATFORMS
  ruby

DEPENDENCIES
  i18n

BUNDLED WITH
   2.1.2
